GEM
  remote: https://rubygems.org/
  specs:
    axiom-types (0.1.1)
      descendants_tracker (~> 0.0.4)
      ice_nine (~> 0.11.0)
      thread_safe (~> 0.3, >= 0.3.1)
    coercible (1.0.0)
      descendants_tracker (~> 0.0.1)
    descendants_tracker (0.0.4)
      thread_safe (~> 0.3, >= 0.3.1)
    diff-lcs (1.2.5)
    equalizer (0.0.9)
    ice_nine (0.11.0)
    jar-dependencies (0.1.15)
    jbundler (0.7.1)
      bundler (~> 1.5)
      jar-dependencies (~> 0.1.7)
      maven-tools (~> 1.0.6)
      ruby-maven (>= 3.1.1.0.6, < 3.1.2)
    maven-tools (1.0.7)
      virtus (~> 1.0)
    rake (10.3.2)
    rspec (2.99.0)
      rspec-core (~> 2.99.0)
      rspec-expectations (~> 2.99.0)
      rspec-mocks (~> 2.99.0)
    rspec-core (2.99.2)
    rspec-expectations (2.99.2)
      diff-lcs (>= 1.1.3, < 2.0)
    rspec-mocks (2.99.2)
    ruby-maven (3.1.1.0.8)
      maven-tools (~> 1.0.1)
      ruby-maven-libs (= 3.1.1)
    ruby-maven-libs (3.1.1)
    thread_safe (0.3.4)
    thread_safe (0.3.4-java)
    virtus (1.0.3)
      axiom-types (~> 0.1)
      coercible (~> 1.0)
      descendants_tracker (~> 0.0, >= 0.0.3)
      equalizer (~> 0.0, >= 0.0.9)

PLATFORMS
  java
  ruby

DEPENDENCIES
  jbundler (= 0.7.1)
  rake (~> 10.3)
  rspec (~> 2.14)

BUNDLED WITH
   1.10.6
